GEM
  remote: https://rubygems.org/
  specs:
    dotenv (2.5.0)
    fileutils (1.1.0)
    json (2.1.0)

PLATFORMS
  ruby

DEPENDENCIES
  dotenv
  fileutils
  json

BUNDLED WITH
   1.17.2
