GEM
  remote: https://rubygems.org/
  specs:
    dotenv (2.5.0)

PLATFORMS
  ruby

DEPENDENCIES
  dotenv

BUNDLED WITH
   1.17.2
